GIT
  remote: https://github.com/TrestleAdmin/trestle-auth.git
  revision: 5894eb829eff4b2a30387fd216f2b8daf317775e
  specs:
    trestle-auth (0.4.4)
      bcrypt (~> 3.1.7)
      trestle (~> 0.9.0, >= 0.9.3)

GIT
  remote: https://github.com/TrestleAdmin/trestle-search.git
  revision: 026f36eec8ef0d794fc829ce9545b5e9d6dd1e57
  specs:
    trestle-search (0.4.3)
      trestle (~> 0.9.0, >= 0.9.3)

GIT
  remote: https://github.com/TrestleAdmin/trestle-tinymce.git
  revision: a035f08bc8cf59b03b254d31176256429b25e6cd
  specs:
    trestle-tinymce (0.3.1)
      tinymce-rails (~> 5.1)
      trestle (~> 0.9.0)

GIT
  remote: https://github.com/TrestleAdmin/trestle.git
  revision: d89b3b8550879f24faa6a9510f072a3337a0bb38
  specs:
    trestle (0.9.8)
      activemodel (>= 5.2.0)
      kaminari (>= 1.1.0)
      railties (>= 5.2.0)
      sprockets-rails (>= 2.0.0)

GIT
  remote: https://github.com/elastic/elasticsearch-rails.git
  revision: d6c88cefb929ebdf997794dc4c46c1f1f247cf9b
  branch: 6.x
  specs:
    elasticsearch-model (6.1.2)
      activesupport (> 3)
      elasticsearch (~> 6)
      hashie
    elasticsearch-rails (6.1.2)

GEM
  remote: https://rubygems.org/
  specs:
    actioncable (7.0.8)
      actionpack (= 7.0.8)
      activesupport (= 7.0.8)
      nio4r (~> 2.0)
      websocket-driver (>= 0.6.1)
    actionmailbox (7.0.8)
      actionpack (= 7.0.8)
      activejob (= 7.0.8)
      activerecord (= 7.0.8)
      activestorage (= 7.0.8)
      activesupport (= 7.0.8)
      mail (>= 2.7.1)
      net-imap
      net-pop
      net-smtp
    actionmailer (7.0.8)
      actionpack (= 7.0.8)
      actionview (= 7.0.8)
      activejob (= 7.0.8)
      activesupport (= 7.0.8)
      mail (~> 2.5, >= 2.5.4)
      net-imap
      net-pop
      net-smtp
      rails-dom-testing (~> 2.0)
    actionpack (7.0.8)
      actionview (= 7.0.8)
      activesupport (= 7.0.8)
      rack (~> 2.0, >= 2.2.4)
      rack-test (>= 0.6.3)
      rails-dom-testing (~> 2.0)
      rails-html-sanitizer (~> 1.0, >= 1.2.0)
    actiontext (7.0.8)
      actionpack (= 7.0.8)
      activerecord (= 7.0.8)
      activestorage (= 7.0.8)
      activesupport (= 7.0.8)
      globalid (>= 0.6.0)
      nokogiri (>= 1.8.5)
    actionview (7.0.8)
      activesupport (= 7.0.8)
      builder (~> 3.1)
      erubi (~> 1.4)
      rails-dom-testing (~> 2.0)
      rails-html-sanitizer (~> 1.1, >= 1.2.0)
    activejob (7.0.8)
      activesupport (= 7.0.8)
      globalid (>= 0.3.6)
    activemodel (7.0.8)
      activesupport (= 7.0.8)
    activerecord (7.0.8)
      activemodel (= 7.0.8)
      activesupport (= 7.0.8)
    activestorage (7.0.8)
      actionpack (= 7.0.8)
      activejob (= 7.0.8)
      activerecord (= 7.0.8)
      activesupport (= 7.0.8)
      marcel (~> 1.0)
      mini_mime (>= 1.1.0)
    activesupport (7.0.8)
      concurrent-ruby (~> 1.0, >= 1.0.2)
      i18n (>= 1.6, < 2)
      minitest (>= 5.1)
      tzinfo (~> 2.0)
    addressable (2.8.5)
      public_suffix (>= 2.0.2, < 6.0)
    autoprefixer-rails (10.4.15.0)
      execjs (~> 2)
    aws-eventstream (1.2.0)
    aws-partitions (1.832.0)
    aws-sdk-core (3.185.0)
      aws-eventstream (~> 1, >= 1.0.2)
      aws-partitions (~> 1, >= 1.651.0)
      aws-sigv4 (~> 1.5)
      jmespath (~> 1, >= 1.6.1)
    aws-sdk-kms (1.72.0)
      aws-sdk-core (~> 3, >= 3.184.0)
      aws-sigv4 (~> 1.1)
    aws-sdk-s3 (1.136.0)
      aws-sdk-core (~> 3, >= 3.181.0)
      aws-sdk-kms (~> 1)
      aws-sigv4 (~> 1.6)
    aws-sigv4 (1.6.0)
      aws-eventstream (~> 1, >= 1.0.2)
    bcrypt (3.1.19)
    bindex (0.8.1)
    bonsai-elasticsearch-rails (6.0.0)
      elasticsearch-model (~> 6)
      elasticsearch-rails (~> 6)
    bootsnap (1.16.0)
      msgpack (~> 1.2)
    builder (3.2.4)
    byebug (11.1.3)
    chewy (6.0.0)
      activesupport (>= 5.2)
      elasticsearch (>= 6.3.0)
      elasticsearch-dsl
    concurrent-ruby (1.2.2)
    crass (1.0.6)
    date (3.3.3)
    dotenv (2.8.1)
    dotenv-rails (2.8.1)
      dotenv (= 2.8.1)
      railties (>= 3.2)
    dragonfly (1.4.0)
      addressable (~> 2.3)
      multi_json (~> 1.0)
      rack (>= 1.3)
    dragonfly-s3_data_store (1.3.0)
      dragonfly (~> 1.0)
      fog-aws
    elasticsearch (6.8.3)
      elasticsearch-api (= 6.8.3)
      elasticsearch-transport (= 6.8.3)
    elasticsearch-api (6.8.3)
      multi_json
    elasticsearch-dsl (0.1.10)
    elasticsearch-transport (6.8.3)
      faraday (~> 1)
      multi_json
    erubi (1.12.0)
    excon (0.104.0)
    execjs (2.9.1)
    faraday (1.10.3)
      faraday-em_http (~> 1.0)
      faraday-em_synchrony (~> 1.0)
      faraday-excon (~> 1.1)
      faraday-httpclient (~> 1.0)
      faraday-multipart (~> 1.0)
      faraday-net_http (~> 1.0)
      faraday-net_http_persistent (~> 1.0)
      faraday-patron (~> 1.0)
      faraday-rack (~> 1.0)
      faraday-retry (~> 1.0)
      ruby2_keywords (>= 0.0.4)
    faraday-em_http (1.0.0)
    faraday-em_synchrony (1.0.0)
    faraday-excon (1.1.0)
    faraday-httpclient (1.0.1)
    faraday-multipart (1.0.4)
      multipart-post (~> 2)
    faraday-net_http (1.0.1)
    faraday-net_http_persistent (1.2.0)
    faraday-patron (1.0.0)
    faraday-rack (1.0.0)
    faraday-retry (1.0.3)
    faraday_middleware (1.2.0)
      faraday (~> 1.0)
    ffi (1.16.2)
    fog-aws (3.21.0)
      fog-core (~> 2.1)
      fog-json (~> 1.1)
      fog-xml (~> 0.1)
    fog-core (2.3.0)
      builder
      excon (~> 0.71)
      formatador (>= 0.2, < 2.0)
      mime-types
    fog-json (1.2.0)
      fog-core
      multi_json (~> 1.10)
    fog-xml (0.1.4)
      fog-core
      nokogiri (>= 1.5.11, < 2.0.0)
    formatador (1.1.0)
    globalid (1.2.1)
      activesupport (>= 6.1)
    hamlit (3.0.3)
      temple (>= 0.8.2)
      thor
      tilt
    hashie (5.0.0)
    i18n (1.8.11)
      concurrent-ruby (~> 1.0)
    inline_svg (1.9.0)
      activesupport (>= 3.0)
      nokogiri (>= 1.6)
    jmespath (1.6.2)
    kaminari (1.2.2)
      activesupport (>= 4.1.0)
      kaminari-actionview (= 1.2.2)
      kaminari-activerecord (= 1.2.2)
      kaminari-core (= 1.2.2)
    kaminari-actionview (1.2.2)
      actionview
      kaminari-core (= 1.2.2)
    kaminari-activerecord (1.2.2)
      activerecord
      kaminari-core (= 1.2.2)
    kaminari-core (1.2.2)
    loofah (2.21.3)
      crass (~> 1.0.2)
      nokogiri (>= 1.12.0)
    mail (2.8.1)
      mini_mime (>= 0.1.1)
      net-imap
      net-pop
      net-smtp
    marcel (1.0.2)
    method_source (1.0.0)
    mime-types (3.5.1)
      mime-types-data (~> 3.2015)
    mime-types-data (3.2023.1003)
    mini_mime (1.1.5)
    minitest (5.20.0)
    msgpack (1.7.2)
    multi_json (1.15.0)
    multipart-post (2.3.0)
    net-imap (0.3.7)
      date
      net-protocol
    net-pop (0.1.2)
      net-protocol
    net-protocol (0.2.1)
      timeout
    net-smtp (0.4.0)
      net-protocol
    nio4r (2.5.9)
    nokogiri (1.15.4-x86_64-darwin)
      racc (~> 1.4)
    pg (1.5.4)
    public_suffix (5.0.3)
    puma (5.6.7)
      nio4r (~> 2.0)
    racc (1.7.1)
    rack (2.2.8)
    rack-test (2.1.0)
      rack (>= 1.3)
    rails (7.0.8)
      actioncable (= 7.0.8)
      actionmailbox (= 7.0.8)
      actionmailer (= 7.0.8)
      actionpack (= 7.0.8)
      actiontext (= 7.0.8)
      actionview (= 7.0.8)
      activejob (= 7.0.8)
      activemodel (= 7.0.8)
      activerecord (= 7.0.8)
      activestorage (= 7.0.8)
      activesupport (= 7.0.8)
      bundler (>= 1.15.0)
      railties (= 7.0.8)
    rails-dom-testing (2.2.0)
      activesupport (>= 5.0.0)
      minitest
      nokogiri (>= 1.6)
    rails-html-sanitizer (1.6.0)
      loofah (~> 2.21)
      nokogiri (~> 1.14)
    railties (7.0.8)
      actionpack (= 7.0.8)
      activesupport (= 7.0.8)
      method_source
      rake (>= 12.2)
      thor (~> 1.0)
      zeitwerk (~> 2.5)
    rake (13.0.6)
    recaptcha (5.15.0)
    ruby2_keywords (0.0.5)
    sassc (2.4.0)
      ffi (~> 1.9)
    sassc-rails (2.1.2)
      railties (>= 4.0.0)
      sassc (>= 2.0)
      sprockets (> 3.0)
      sprockets-rails
      tilt
    sprockets (4.2.1)
      concurrent-ruby (~> 1.0)
      rack (>= 2.2.4, < 4)
    sprockets-rails (3.4.2)
      actionpack (>= 5.2)
      activesupport (>= 5.2)
      sprockets (>= 3.0.0)
    temple (0.10.2)
    terser (1.1.18)
      execjs (>= 0.3.0, < 3)
    thor (1.2.2)
    tilt (2.3.0)
    timeout (0.4.0)
    tinymce-rails (5.10.7.1)
      railties (>= 3.1.1)
    truncate_html (0.9.3)
    turbolinks (5.2.1)
      turbolinks-source (~> 5.2)
    turbolinks-source (5.2.0)
    tzinfo (2.0.6)
      concurrent-ruby (~> 1.0)
    web-console (4.2.1)
      actionview (>= 6.0.0)
      activemodel (>= 6.0.0)
      bindex (>= 0.4.0)
      railties (>= 6.0.0)
    websocket-driver (0.7.6)
      websocket-extensions (>= 0.1.0)
    websocket-extensions (0.1.5)
    zeitwerk (2.6.12)

PLATFORMS
  x86_64-darwin-21

DEPENDENCIES
  autoprefixer-rails
  aws-sdk-s3 (~> 1.2)
  bonsai-elasticsearch-rails (~> 6)
  bootsnap (>= 1.1.0)
  byebug
  chewy (~> 6)
  dotenv-rails
  dragonfly-s3_data_store
  elasticsearch (~> 6)
  elasticsearch-model!
  elasticsearch-rails!
  faraday
  faraday_middleware
  hamlit (= 3.0.3)
  i18n (~> 1.8.11)
  inline_svg
  pg (~> 1.1)
  puma (~> 5.0)
  rails (~> 7.0.4)
  recaptcha
  sassc-rails
  sprockets-rails
  terser
  trestle!
  trestle-auth!
  trestle-search!
  trestle-tinymce!
  truncate_html
  turbolinks (~> 5)
  web-console (>= 3.3.0)

RUBY VERSION
   ruby 3.1.3p185

BUNDLED WITH
   2.4.20
